GEM
  remote: https://rubygems.org/
  specs:
    fileutils (1.7.2)
    find (0.2.0)
    logger (1.6.0)
    nokogiri (1.16.5-x64-mingw-ucrt)
      racc (~> 1.4)
    racc (1.8.0)
    rubyXL (3.4.27)
      nokogiri (>= 1.10.8)
      rubyzip (>= 1.3.0)
    rubyzip (2.3.2)

PLATFORMS
  x64-mingw-ucrt

DEPENDENCIES
  fileutils (~> 1.7)
  find (~> 0.2.0)
  logger (~> 1.6)
  rubyXL (~> 3.4)

BUNDLED WITH
   2.5.9
