GEM
  remote: https://rubygems.org/
  specs:
    nokogiri (1.16.5-x64-mingw-ucrt)
      racc (~> 1.4)
    racc (1.8.0)
    rubyXL (3.4.27)
      nokogiri (>= 1.10.8)
      rubyzip (>= 1.3.0)
    rubyzip (2.3.2)

PLATFORMS
  x64-mingw-ucrt

DEPENDENCIES
  rubyXL (~> 3.4)

BUNDLED WITH
   2.5.9
