GEM
  remote: https://rubygems.org/
  specs:
    concurrent-ruby (1.3.3)
    connection_pool (2.4.1)
    find (0.2.0)
    logger (1.6.0)
    nokogiri (1.16.5-x64-mingw-ucrt)
      racc (~> 1.4)
    racc (1.8.0)
    rack (3.1.6)
    redis-client (0.22.2)
      connection_pool
    rubyXL (3.4.27)
      nokogiri (>= 1.10.8)
      rubyzip (>= 1.3.0)
    rubyzip (2.3.2)
    sidekiq (7.3.0)
      concurrent-ruby (< 2)
      connection_pool (>= 2.3.0)
      logger
      rack (>= 2.2.4)
      redis-client (>= 0.22.2)

PLATFORMS
  x64-mingw-ucrt

DEPENDENCIES
  find (~> 0.2.0)
  logger (~> 1.6)
  rubyXL (~> 3.4)
  sidekiq (~> 7.3)

BUNDLED WITH
   2.5.9
